PATH
  remote: .
  specs:
    loggy (0.1.0)

GEM
  remote: https://rubygems.org/
  specs:

PLATFORMS
  x86_64-darwin-19

DEPENDENCIES
  loggy!

BUNDLED WITH
   2.2.24
