PATH
  remote: .
  specs:
    stopwatchy (2.0.0)

GEM
  remote: https://rubygems.org/
  specs:

PLATFORMS
  ruby
  x86_64-darwin-19

DEPENDENCIES
  stopwatchy!

BUNDLED WITH
   2.2.20
